GEM
  remote: http://rubygems.org/
  specs:
    addressable (2.2.6)
    faraday (0.7.5)
      addressable (~> 2.2.6)
      multipart-post (~> 1.1.3)
      rack (>= 1.1.0, < 2)
    geoloqi (0.9.33)
      faraday (>= 0.6.1)
      json
    hashie (1.2.0)
    json (1.6.1)
    mime-types (1.17.2)
    multipart-post (1.1.3)
    nokogiri (1.5.0)
    rack (1.3.5)
    rack-protection (1.1.4)
      rack
    rake (0.9.2)
    rest-client (1.6.7)
      mime-types (>= 1.16)
    sinatra (1.3.1)
      rack (~> 1.3, >= 1.3.4)
      rack-protection (~> 1.1, >= 1.1.2)
      tilt (~> 1.3, >= 1.3.3)
    sinatra-geoloqi (0.9.1)
      geoloqi (>= 0.9.33)
      sinatra (>= 1.0)
    tilt (1.3.3)

PLATFORMS
  ruby

DEPENDENCIES
  hashie (~> 1.2.0)
  nokogiri (~> 1.5.0)
  rake (= 0.9.2)
  rest-client
  sinatra
  sinatra-geoloqi
